PATH
  remote: .
  specs:
    generate_meme (0.1.0)
      dotenv
      httparty
      rest-client (~> 1.7.3)
      thor
      unirest

GEM
  remote: https://rubygems.org/
  specs:
    addressable (2.8.1)
      public_suffix (>= 2.0.2, < 6.0)
    coderay (1.1.2)
    diff-lcs (1.3)
    dotenv (2.7.5)
    httparty (0.16.2)
      multi_xml (>= 0.5.2)
    json (2.3.0)
    method_source (0.9.2)
    mime-types (2.99.3)
    multi_xml (0.6.0)
    netrc (0.11.0)
    pry (0.12.2)
      coderay (~> 1.1.0)
      method_source (~> 0.9.0)
    public_suffix (5.0.0)
    rake (10.5.0)
    rest-client (1.7.3)
      mime-types (>= 1.16, < 3.0)
      netrc (~> 0.7)
    rspec (3.9.0)
      rspec-core (~> 3.9.0)
      rspec-expectations (~> 3.9.0)
      rspec-mocks (~> 3.9.0)
    rspec-core (3.9.1)
      rspec-support (~> 3.9.1)
    rspec-expectations (3.9.1)
      diff-lcs (>= 1.2.0, < 2.0)
      rspec-support (~> 3.9.0)
    rspec-mocks (3.9.1)
      diff-lcs (>= 1.2.0, < 2.0)
      rspec-support (~> 3.9.0)
    rspec-support (3.9.2)
    thor (1.0.1)
    unirest (1.0.8)
      addressable
      json
      rest-client

PLATFORMS
  ruby

DEPENDENCIES
  bundler (~> 1.16)
  generate_meme!
  pry
  rake (~> 10.0)
  rspec (~> 3.0)

BUNDLED WITH
   1.16.3
